GEM
  remote: https://rubygems.org/
  specs:
    ffi (1.10.0)
    ffi-rzmq (2.0.7)
      ffi-rzmq-core (>= 1.0.7)
    ffi-rzmq-core (1.0.7)
      ffi
    json (2.1.0)

PLATFORMS
  ruby

DEPENDENCIES
  ffi-rzmq
  json

BUNDLED WITH
   2.0.1
